GIT
  remote: https://github.com/openflighthpc/flight_auth
  revision: 297cb7241b820d334e5d593c4e237a81b83a9995
  branch: 297cb7241b820d334e5d593c4e237a81b83a9995
  specs:
    flight_auth (0.1.0)
      jwt (~> 2.2)
      slop (~> 4.8)

GIT
  remote: https://github.com/openflighthpc/flight_configuration
  revision: 113ef4558feae2107813ae5cd7947cf3b8fb7c00
  branch: master
  tag: 0.6.1
  specs:
    flight_configuration (0.6.1)

GEM
  remote: https://rubygems.org/
  specs:
    activemodel (7.0.2.2)
      activesupport (= 7.0.2.2)
    activesupport (7.0.2.2)
      concurrent-ruby (~> 1.0, >= 1.0.2)
      i18n (>= 1.6, < 2)
      minitest (>= 5.1)
      tzinfo (~> 2.0)
    byebug (11.1.3)
    coderay (1.1.3)
    concurrent-ruby (1.1.9)
    diff-lcs (1.5.0)
    dotenv (2.7.6)
    fakefs (1.4.1)
    hashie (5.0.0)
    i18n (1.10.0)
      concurrent-ruby (~> 1.0)
    jwt (2.3.0)
    method_source (1.0.0)
    minitest (5.15.0)
    multi_json (1.15.0)
    mustermann (1.1.1)
      ruby2_keywords (~> 0.0.1)
    net-ssh (6.1.0)
    nio4r (2.5.8)
    pry (0.13.1)
      coderay (~> 1.1)
      method_source (~> 1.0)
    pry-byebug (3.9.0)
      byebug (~> 11.0)
      pry (~> 0.13.0)
    puma (5.6.2)
      nio4r (~> 2.0)
    rack (2.2.3)
    rack-protection (2.2.0)
      rack
    rack-test (1.1.0)
      rack (>= 1.0, < 3)
    request_store (1.5.1)
      rack (>= 1.4)
    rspec (3.11.0)
      rspec-core (~> 3.11.0)
      rspec-expectations (~> 3.11.0)
      rspec-mocks (~> 3.11.0)
    rspec-collection_matchers (1.2.0)
      rspec-expectations (>= 2.99.0.beta1)
    rspec-core (3.11.0)
      rspec-support (~> 3.11.0)
    rspec-expectations (3.11.0)
      diff-lcs (>= 1.2.0, < 2.0)
      rspec-support (~> 3.11.0)
    rspec-mocks (3.11.0)
      diff-lcs (>= 1.2.0, < 2.0)
      rspec-support (~> 3.11.0)
    rspec-support (3.11.0)
    ruby2_keywords (0.0.5)
    sinatra (2.2.0)
      mustermann (~> 1.0)
      rack (~> 2.2)
      rack-protection (= 2.2.0)
      tilt (~> 2.0)
    sinatra-contrib (2.2.0)
      multi_json
      mustermann (~> 1.0)
      rack-protection (= 2.2.0)
      sinatra (= 2.2.0)
      tilt (~> 2.0)
    sinatra-cross_origin (0.4.0)
    sinatra-namespace (1.0)
      sinatra-contrib
    slop (4.9.1)
    tilt (2.0.10)
    tzinfo (2.0.4)
      concurrent-ruby (~> 1.0)

PLATFORMS
  ruby

DEPENDENCIES
  activemodel
  activesupport
  concurrent-ruby
  dotenv
  fakefs
  flight_auth!
  flight_configuration!
  hashie
  net-ssh (~> 6.1)
  pry
  pry-byebug
  puma
  rack-test
  request_store
  rspec
  rspec-collection_matchers
  sinatra
  sinatra-cross_origin
  sinatra-namespace

BUNDLED WITH
   2.1.4
